GEM
  remote: http://rubygems.org/
  specs:
    actionmailer (2.3.5)
      actionpack (= 2.3.5)
    actionpack (2.3.5)
      activesupport (= 2.3.5)
      rack (~> 1.0.0)
    activerecord (2.3.5)
      activesupport (= 2.3.5)
    activeresource (2.3.5)
      activesupport (= 2.3.5)
    activesupport (2.3.5)
    after_commit (1.0.8)
      activerecord (< 3.0.0)
    awesome_nested_set (1.4.3)
      activerecord (>= 1.1)
    barby (0.2.0)
    builder (2.1.2)
    columnize (0.3.2)
    cucumber (0.9.4)
      builder (~> 2.1.2)
      diff-lcs (~> 1.1.2)
      gherkin (~> 2.2.9)
      json (~> 1.4.6)
      term-ansicolor (~> 1.0.5)
    cucumber-rails (0.3.2)
      cucumber (>= 0.8.0)
    database_cleaner (0.4.3)
    diff-lcs (1.1.2)
    fastercsv (1.5.3)
    gettext (2.1.0)
      locale (>= 2.0.5)
    gettext_activerecord (2.1.0)
      activerecord (>= 2.3.2)
      gettext (>= 2.1.0)
    gettext_rails (2.1.0)
      gettext_activerecord (>= 2.1.0)
      locale_rails (>= 2.0.5)
      rails (>= 2.3.2)
    gherkin (2.2.9)
      json (~> 1.4.6)
      term-ansicolor (~> 1.0.5)
    hoptoad_notifier (2.3.8)
      activesupport
    json (1.4.6)
    linecache (0.43)
    locale (2.0.5)
    locale_rails (2.0.5)
      locale (>= 2.0.5)
    mysql (2.8.1)
    newrelic_rpm (2.10.5)
    nokogiri (1.4.4)
    prawn (0.8.4)
      prawn-core (>= 0.8.4, < 0.9)
      prawn-layout (>= 0.8.4, < 0.9)
      prawn-security (>= 0.8.4, < 0.9)
    prawn-core (0.8.4)
    prawn-layout (0.8.4)
    prawn-security (0.8.4)
    rack (1.0.1)
    rails (2.3.5)
      actionmailer (= 2.3.5)
      actionpack (= 2.3.5)
      activerecord (= 2.3.5)
      activeresource (= 2.3.5)
      activesupport (= 2.3.5)
      rake (>= 0.8.3)
    rake (0.8.7)
    rgl (0.4.0)
      rake
      stream (>= 0.5)
    riddle (1.2.1)
    rspec (1.3.0)
    rspec-rails (1.3.2)
      rack (>= 1.0.0)
      rspec (>= 1.3.0)
    ruby-debug (0.10.4)
      columnize (>= 0.1)
      ruby-debug-base (~> 0.10.4.0)
    ruby-debug-base (0.10.4)
      linecache (>= 0.3)
    ruby-net-ldap (0.0.4)
    stream (0.5)
    term-ansicolor (1.0.5)
    thinking-sphinx (1.3.20)
      activerecord (>= 1.15.6, < 3.0.0)
      after_commit (>= 1.0.6)
      riddle (>= 1.0.10)
    will_paginate (2.3.15)

PLATFORMS
  ruby

DEPENDENCIES
  awesome_nested_set (= 1.4.3)
  barby (= 0.2.0)
  cucumber-rails (= 0.3.2)
  database_cleaner (= 0.4.3)
  fastercsv (= 1.5.3)
  gettext (= 2.1.0)
  gettext_activerecord (= 2.1.0)
  gettext_rails (= 2.1.0)
  hoptoad_notifier (= 2.3.8)
  mysql
  newrelic_rpm (= 2.10.5)
  nokogiri
  prawn (= 0.8.4)
  rails (= 2.3.5)
  rgl (= 0.4.0)
  rspec (= 1.3.0)
  rspec-rails (= 1.3.2)
  ruby-debug
  ruby-net-ldap (= 0.0.4)
  thinking-sphinx (= 1.3.20)
  will_paginate (= 2.3.15)
