GIT
  remote: git://github.com/jrust/acts-as-dag.git
  revision: 3e1b01d23116d7083a136302c4bde859f4222d39
  specs:
    acts-as-dag (2.5.7)

GIT
  remote: https://github.com/halloffame/will_paginate.git
  revision: c16fc5229623c7e8514e9c953a7296168cc02cf6
  specs:
    will_paginate (3.0.2)

GEM
  remote: http://rubygems.org/
  specs:
    actionmailer (3.2.11)
      actionpack (= 3.2.11)
      mail (~> 2.4.4)
    actionpack (3.2.11)
      activemodel (= 3.2.11)
      activesupport (= 3.2.11)
      builder (~> 3.0.0)
      erubis (~> 2.7.0)
      journey (~> 1.0.4)
      rack (~> 1.4.0)
      rack-cache (~> 1.2)
      rack-test (~> 0.6.1)
      sprockets (~> 2.2.1)
    active_hash (0.9.13)
      activesupport (>= 2.2.2)
    activemodel (3.2.11)
      activesupport (= 3.2.11)
      builder (~> 3.0.0)
    activerecord (3.2.11)
      activemodel (= 3.2.11)
      activesupport (= 3.2.11)
      arel (~> 3.0.2)
      tzinfo (~> 0.3.29)
    activerecord-jdbc-adapter (1.2.7)
    activerecord-jdbcmysql-adapter (1.2.7)
      activerecord-jdbc-adapter (~> 1.2.7)
      jdbc-mysql (~> 5.1.0)
    activeresource (3.2.11)
      activemodel (= 3.2.11)
      activesupport (= 3.2.11)
    activesupport (3.2.11)
      i18n (~> 0.6)
      multi_json (~> 1.0)
    addressable (2.3.3)
    angular-ui-rails (0.3.2)
    angularjs-rails (1.0.5)
    arel (3.0.2)
    barby (0.5.0)
    better_errors (0.6.0)
      coderay (>= 1.0.0)
      erubis (>= 2.6.6)
    binding_of_caller (0.7.1)
      debug_inspector (>= 0.0.1)
    bouncy-castle-java (1.5.0146.1)
    builder (3.0.4)
    capybara (1.1.2)
      mime-types (>= 1.16)
      nokogiri (>= 1.3.3)
      rack (>= 1.0.0)
      rack-test (>= 0.5.4)
      selenium-webdriver (~> 2.0)
      xpath (~> 0.1.4)
    capybara-screenshot (0.3.4)
      capybara (>= 1.0, < 3)
    childprocess (0.3.8)
      ffi (~> 1.0, >= 1.0.11)
    chunky_png (1.2.7)
    cocaine (0.4.2)
    coderay (1.0.9)
    coffee-filter (0.1.3)
      coffee-script (>= 2.2.0)
      haml (< 4.0)
    coffee-rails (3.2.2)
      coffee-script (>= 2.2.0)
      railties (~> 3.2.0)
    coffee-script (2.2.0)
      coffee-script-source
      execjs
    coffee-script-source (1.4.0)
    cucumber (1.2.1)
      builder (>= 2.1.2)
      diff-lcs (>= 1.1.3)
      gherkin (~> 2.11.0)
      json (>= 1.4.6)
    cucumber-rails (1.3.0)
      capybara (>= 1.1.2)
      cucumber (>= 1.1.8)
      nokogiri (>= 1.5.0)
    daemons (1.1.9)
    database_cleaner (0.9.1)
    debug_inspector (0.0.2)
    diff-lcs (1.1.3)
    erubis (2.7.0)
    eventmachine (1.0.0)
    execjs (1.4.0)
      multi_json (~> 1.0)
    factory_girl (4.2.0)
      activesupport (>= 3.0.0)
    factory_girl_rails (4.2.1)
      factory_girl (~> 4.2.0)
      railties (>= 3.0.0)
    faker (1.1.2)
      i18n (~> 0.5)
    fast_gettext (0.7.0)
    ffi (1.4.0)
    ffi (1.4.0-java)
    geocoder (1.1.6)
    gettext_i18n_rails (0.9.2)
      fast_gettext (>= 0.4.8)
    gherkin (2.11.6)
      json (>= 1.7.6)
    gherkin (2.11.6-java)
      json (>= 1.7.6)
    growl (1.0.3)
    guard (1.6.2)
      listen (>= 0.6.0)
      lumberjack (>= 1.0.2)
      pry (>= 0.9.10)
      terminal-table (>= 1.4.3)
      thor (>= 0.14.6)
    guard-cucumber (1.3.2)
      cucumber (>= 1.2.0)
      guard (>= 1.1.0)
    guard-jasmine (1.13.0)
      childprocess
      guard (>= 1.1.0)
      multi_json
      thor
    guard-rspec (2.4.1)
      guard (>= 1.1)
      rspec (~> 2.11)
    guard-spork (1.4.2)
      childprocess (>= 0.2.3)
      guard (>= 1.1)
      spork (>= 0.8.4)
    haml (3.1.8)
    haml_assets (0.2.1)
      haml
      tilt
    hike (1.2.1)
    i18n (0.6.1)
    jasminerice (0.0.10)
      coffee-rails
      haml
    jdbc-mysql (5.1.22.1)
    journey (1.0.4)
    jquery-rails (2.1.3)
      railties (>= 3.1.0, < 5.0)
      thor (~> 0.14)
    jquery-tmpl-rails (1.1.0)
      rails (>= 3.1.0)
    jruby-openssl (0.8.2)
      bouncy-castle-java (>= 1.5.0146.1)
    jruby-rack (1.1.13.1)
    json (1.7.7)
    json (1.7.7-java)
    launchy (2.2.0)
      addressable (~> 2.3)
    launchy (2.2.0-java)
      addressable (~> 2.3)
      spoon (~> 0.0.1)
    listen (0.7.2)
    lumberjack (1.0.2)
    mail (2.4.4)
      i18n (>= 0.4.0)
      mime-types (~> 1.16)
      treetop (~> 1.4.8)
    meta_request (0.2.1)
      rack-contrib
      rails
    method_source (0.8.1)
    mime-types (1.21)
    mini_magick (3.5.0)
      subexec (~> 0.2.1)
    multi_json (1.6.1)
    mysql2 (0.3.11)
    nested_set (1.7.1)
      activerecord (>= 3.0.0)
      railties (>= 3.0.0)
    newrelic_rpm (3.5.7.59)
    nokogiri (1.5.6)
    nokogiri (1.5.6-java)
    paperclip (3.4.0)
      activemodel (>= 3.0.0)
      activerecord (>= 3.0.0)
      activesupport (>= 3.0.0)
      cocaine (~> 0.4.0)
      mime-types
    phantomjs (1.6.0.0)
    polyglot (0.3.3)
    pry (0.9.12)
      coderay (~> 1.0.5)
      method_source (~> 0.8)
      slop (~> 3.4)
    pry (0.9.12-java)
      coderay (~> 1.0.5)
      method_source (~> 0.8)
      slop (~> 3.4)
      spoon (~> 0.0)
    pry-rails (0.2.2)
      pry (>= 0.9.10)
    rack (1.4.5)
    rack-cache (1.2)
      rack (>= 0.4)
    rack-contrib (1.1.0)
      rack (>= 0.9.1)
    rack-ssl (1.3.3)
      rack
    rack-test (0.6.2)
      rack (>= 1.0)
    rails (3.2.11)
      actionmailer (= 3.2.11)
      actionpack (= 3.2.11)
      activerecord (= 3.2.11)
      activeresource (= 3.2.11)
      activesupport (= 3.2.11)
      bundler (~> 1.0)
      railties (= 3.2.11)
    rails_autolink (1.0.9)
      rails (~> 3.1)
    railties (3.2.11)
      actionpack (= 3.2.11)
      activesupport (= 3.2.11)
      rack-ssl (~> 1.3.2)
      rake (>= 0.8.7)
      rdoc (~> 3.4)
      thor (>= 0.14.6, < 2.0)
    rake (10.0.3)
    rb-fsevent (0.9.3)
    rcapture (1.0.4)
    rdoc (3.12.1)
      json (~> 1.4)
    redcarpet (2.2.2)
    rgl (0.4.0)
      rake
      stream (>= 0.5)
    rspec (2.12.0)
      rspec-core (~> 2.12.0)
      rspec-expectations (~> 2.12.0)
      rspec-mocks (~> 2.12.0)
    rspec-core (2.12.2)
    rspec-expectations (2.12.1)
      diff-lcs (~> 1.1.3)
    rspec-mocks (2.12.2)
    rspec-rails (2.12.2)
      actionpack (>= 3.0)
      activesupport (>= 3.0)
      railties (>= 3.0)
      rspec-core (~> 2.12.0)
      rspec-expectations (~> 2.12.0)
      rspec-mocks (~> 2.12.0)
    ruby-graphviz (1.0.8)
    ruby-net-ldap (0.0.4)
    ruby_gntp (0.3.4)
    ruby_parser (3.1.1)
      sexp_processor (~> 4.1)
    rubyzip (0.9.9)
    sass (3.2.5)
    sass-rails (3.2.6)
      railties (~> 3.2.0)
      sass (>= 3.1.10)
      tilt (~> 1.3)
    selenium-webdriver (2.30.0)
      childprocess (>= 0.2.5)
      multi_json (~> 1.0)
      rubyzip
      websocket (~> 1.0.4)
    sexp_processor (4.1.5)
    simplecov (0.7.1)
      multi_json (~> 1.0)
      simplecov-html (~> 0.7.1)
    simplecov-html (0.7.1)
    slop (3.4.3)
    spoon (0.0.1)
    spork (0.9.2)
    sprockets (2.2.2)
      hike (~> 1.2)
      multi_json (~> 1.0)
      rack (~> 1.0)
      tilt (~> 1.1, != 1.3.0)
    stream (0.5)
    subexec (0.2.2)
    terminal-table (1.4.5)
    thin (1.5.0)
      daemons (>= 1.0.9)
      eventmachine (>= 0.12.6)
      rack (>= 1.0.0)
    thor (0.17.0)
    tilt (1.3.3)
    timecop (0.5.9.2)
    treetop (1.4.12)
      polyglot
      polyglot (>= 0.3.1)
    trinidad (1.4.4)
      jruby-rack (>= 1.1.10)
      trinidad_jars (>= 1.1.0)
    trinidad_jars (1.2.1)
    tzinfo (0.3.35)
    uglifier (1.3.0)
      execjs (>= 0.3.0)
      multi_json (~> 1.0, >= 1.0.2)
    underscore-rails (1.4.3)
    uuidtools (2.1.3)
    websocket (1.0.7)
    xpath (0.1.4)
      nokogiri (~> 1.3)
    yard (0.8.4.1)

PLATFORMS
  java
  ruby

DEPENDENCIES
  active_hash (~> 0.9)
  activerecord-jdbcmysql-adapter
  acts-as-dag!
  angular-ui-rails (= 0.3.2)
  angularjs-rails (~> 1.0)
  barby (~> 0.5.0)
  better_errors
  binding_of_caller
  capybara (= 1.1.2)
  capybara-screenshot
  chunky_png (~> 1.2)
  coffee-filter (~> 0.1.1)
  coffee-rails (~> 3.2)
  coffee-script (~> 2.2)
  cucumber-rails (~> 1.3)
  database_cleaner
  factory_girl (~> 4.1)
  factory_girl_rails (~> 4.1)
  faker
  geocoder (~> 1.1)
  gettext_i18n_rails (~> 0.8)
  growl (~> 1.0.3)
  guard (~> 1.6)
  guard-cucumber (~> 1.3)
  guard-jasmine (~> 1.11)
  guard-rspec (~> 2.3)
  guard-spork (~> 1.4)
  haml (~> 3.1)
  haml_assets (~> 0.2)
  jasminerice (~> 0.0.10)
  jquery-rails (= 2.1.3)
  jquery-tmpl-rails (~> 1.1)
  jruby-openssl
  json (~> 1.7)
  launchy (~> 2.1)
  meta_request
  mini_magick (~> 3.4)
  mysql2 (~> 0.3.11)
  nested_set (~> 1.7)
  newrelic_rpm (~> 3.5)
  nokogiri (~> 1.5)
  paperclip
  phantomjs (~> 1.6.0.0)
  pry (~> 0.9)
  pry-rails (~> 0.2)
  rails (= 3.2.11)
  rails_autolink (~> 1.0)
  rb-fsevent (~> 0.9)
  rcapture
  redcarpet
  rgl (~> 0.4.0)
  rspec (~> 2.12)
  rspec-rails (~> 2.12)
  ruby-graphviz
  ruby-net-ldap (~> 0.0.4)
  ruby_gntp (~> 0.3.4)
  ruby_parser (~> 3.1)
  sass (~> 3.2)
  sass-rails (~> 3.2)
  simplecov
  spork
  thin
  timecop (~> 0.5)
  trinidad
  uglifier (~> 1.3)
  underscore-rails (~> 1.4)
  uuidtools (~> 2.1)
  will_paginate!
  yard
