GIT
  remote: git://github.com/jrust/acts-as-dag.git
  revision: 3e1b01d23116d7083a136302c4bde859f4222d39
  specs:
    acts-as-dag (2.5.7)

GIT
  remote: https://github.com/halloffame/will_paginate.git
  revision: c16fc5229623c7e8514e9c953a7296168cc02cf6
  specs:
    will_paginate (3.0.2)

GEM
  remote: http://rubygems.org/
  specs:
    actionmailer (3.2.3)
      actionpack (= 3.2.3)
      mail (~> 2.4.4)
    actionpack (3.2.3)
      activemodel (= 3.2.3)
      activesupport (= 3.2.3)
      builder (~> 3.0.0)
      erubis (~> 2.7.0)
      journey (~> 1.0.1)
      rack (~> 1.4.0)
      rack-cache (~> 1.2)
      rack-test (~> 0.6.1)
      sprockets (~> 2.1.2)
    activemodel (3.2.3)
      activesupport (= 3.2.3)
      builder (~> 3.0.0)
    activerecord (3.2.3)
      activemodel (= 3.2.3)
      activesupport (= 3.2.3)
      arel (~> 3.0.2)
      tzinfo (~> 0.3.29)
    activeresource (3.2.3)
      activemodel (= 3.2.3)
      activesupport (= 3.2.3)
    activesupport (3.2.3)
      i18n (~> 0.6)
      multi_json (~> 1.0)
    addressable (2.2.8)
    arel (3.0.2)
    barby (0.5.0)
    builder (3.0.0)
    capybara (1.1.2)
      mime-types (>= 1.16)
      nokogiri (>= 1.3.3)
      rack (>= 1.0.0)
      rack-test (>= 0.5.4)
      selenium-webdriver (~> 2.0)
      xpath (~> 0.1.4)
    capybara-screenshot (0.1.10)
      capybara (>= 1.0)
    childprocess (0.3.2)
      ffi (~> 1.0.6)
    chunky_png (1.2.5)
    coderay (1.0.6)
    coffee-filter (0.1.1)
      coffee-script (>= 2.2.0)
      haml (>= 3.0.18)
    coffee-rails (3.2.2)
      coffee-script (>= 2.2.0)
      railties (~> 3.2.0)
    coffee-script (2.2.0)
      coffee-script-source
      execjs
    coffee-script-source (1.3.3)
    cucumber (1.2.0)
      builder (>= 2.1.2)
      diff-lcs (>= 1.1.3)
      gherkin (~> 2.10.0)
      json (>= 1.4.6)
    cucumber-rails (1.3.0)
      capybara (>= 1.1.2)
      cucumber (>= 1.1.8)
      nokogiri (>= 1.5.0)
    daemons (1.1.8)
    database_cleaner (0.7.2)
    diff-lcs (1.1.3)
    erubis (2.7.0)
    eventmachine (0.12.10)
    execjs (1.4.0)
      multi_json (~> 1.0)
    factory_girl (3.3.0)
      activesupport (>= 3.0.0)
    factory_girl_rails (3.3.0)
      factory_girl (~> 3.3.0)
      railties (>= 3.0.0)
    faker (1.0.1)
      i18n (~> 0.4)
    fast_gettext (0.6.7)
    fastercsv (1.5.5)
    ffi (1.0.11)
    geocoder (1.1.1)
    gettext (2.2.1)
      locale
    gettext_i18n_rails (0.5.0)
      fast_gettext
    gherkin (2.10.0)
      json (>= 1.4.6)
    git (1.2.5)
    growl (1.0.3)
    guard (1.0.3)
      ffi (>= 0.5.0)
      thor (>= 0.14.6)
    guard-cucumber (0.8.0)
      cucumber (>= 1.2.0)
      guard (>= 0.8.3)
    guard-jasmine-headless-webkit (0.3.2)
      guard (>= 0.4.0)
      jasmine-headless-webkit (>= 0.7.0)
    guard-rspec (0.7.3)
      guard (>= 0.10.0)
    guard-spork (0.8.0)
      guard (>= 0.10.0)
      spork (>= 0.8.4)
    haml (3.1.6)
    haml_assets (0.1.0)
      haml
      tilt
    hike (1.2.1)
    i18n (0.6.0)
    jasmine (1.2.0)
      jasmine-core (>= 1.2.0)
      rack (~> 1.0)
      rspec (>= 1.3.1)
      selenium-webdriver (>= 0.1.3)
    jasmine-core (1.2.0)
    jasmine-headless-webkit (0.8.4)
      coffee-script
      jasmine-core (~> 1.1)
      multi_json
      rainbow
      sprockets (~> 2)
    jasmine-rails (0.0.3)
      jasmine
      jasmine-headless-webkit
      rails (>= 3.1.0)
    jasminerice (0.0.8)
      haml
    jeweler (1.8.3)
      bundler (~> 1.0)
      git (>= 1.2.5)
      rake
      rdoc
    journey (1.0.3)
    jquery-rails (2.0.2)
      railties (>= 3.2.0, < 5.0)
      thor (~> 0.14)
    jquery-tmpl-rails (1.1.0)
      rails (>= 3.1.0)
    json (1.7.3)
    launchy (2.1.0)
      addressable (~> 2.2.6)
    libwebsocket (0.1.3)
      addressable
    locale (2.0.5)
    mail (2.4.4)
      i18n (>= 0.4.0)
      mime-types (~> 1.16)
      treetop (~> 1.4.8)
    method_source (0.7.1)
    mime-types (1.18)
    mini_magick (3.4)
      subexec (~> 0.2.1)
    multi_json (1.3.5)
    mysql2 (0.3.11)
    nested_set (1.7.0)
      activerecord (>= 3.0.0)
      railties (>= 3.0.0)
    newrelic_rpm (3.3.4.1)
    nokogiri (1.5.2)
    pdfkit (0.5.2)
    polyglot (0.3.3)
    pry (0.9.9.6)
      coderay (~> 1.0.5)
      method_source (~> 0.7.1)
      slop (>= 2.4.4, < 3)
    pry-rails (0.1.6)
      pry
    rack (1.4.1)
    rack-cache (1.2)
      rack (>= 0.4)
    rack-ssl (1.3.2)
      rack
    rack-test (0.6.1)
      rack (>= 1.0)
    rails (3.2.3)
      actionmailer (= 3.2.3)
      actionpack (= 3.2.3)
      activerecord (= 3.2.3)
      activeresource (= 3.2.3)
      activesupport (= 3.2.3)
      bundler (~> 1.0)
      railties (= 3.2.3)
    rails_autolink (1.0.7)
      rails (~> 3.1)
    railties (3.2.3)
      actionpack (= 3.2.3)
      activesupport (= 3.2.3)
      rack-ssl (~> 1.3.2)
      rake (>= 0.8.7)
      rdoc (~> 3.4)
      thor (~> 0.14.6)
    rainbow (1.1.4)
    rake (0.9.2.2)
    rb-fsevent (0.9.1)
    rdoc (3.12)
      json (~> 1.4)
    rgl (0.4.0)
      rake
      stream (>= 0.5)
    rjson (0.1.5)
      jeweler
      rails (> 3.0.0)
      rjson
    rspec (2.10.0)
      rspec-core (~> 2.10.0)
      rspec-expectations (~> 2.10.0)
      rspec-mocks (~> 2.10.0)
    rspec-core (2.10.1)
    rspec-expectations (2.10.0)
      diff-lcs (~> 1.1.3)
    rspec-mocks (2.10.1)
    rspec-rails (2.10.1)
      actionpack (>= 3.0)
      activesupport (>= 3.0)
      railties (>= 3.0)
      rspec (~> 2.10.0)
    ruby-net-ldap (0.0.4)
    ruby_gntp (0.3.4)
    ruby_parser (2.3.1)
      sexp_processor (~> 3.0)
    rubyzip (0.9.8)
    sass (3.1.18)
    sass-rails (3.2.5)
      railties (~> 3.2.0)
      sass (>= 3.1.10)
      tilt (~> 1.3)
    selenium-webdriver (2.21.2)
      childprocess (>= 0.2.5)
      ffi (~> 1.0)
      libwebsocket (~> 0.1.3)
      multi_json (~> 1.0)
      rubyzip
    sexp_processor (3.2.0)
    simplecov (0.6.4)
      multi_json (~> 1.0)
      simplecov-html (~> 0.5.3)
    simplecov-html (0.5.3)
    slop (2.4.4)
    spork (0.9.2)
    sprockets (2.1.3)
      hike (~> 1.2)
      rack (~> 1.0)
      tilt (~> 1.1, != 1.3.0)
    stream (0.5)
    subexec (0.2.2)
    thin (1.3.1)
      daemons (>= 1.0.9)
      eventmachine (>= 0.12.6)
      rack (>= 1.0.0)
    thor (0.14.6)
    tilt (1.3.3)
    timecop (0.3.5)
    treetop (1.4.10)
      polyglot
      polyglot (>= 0.3.1)
    tzinfo (0.3.33)
    uglifier (1.2.4)
      execjs (>= 0.3.0)
      multi_json (>= 1.0.2)
    underscore-rails (1.3.1)
    uuidtools (2.1.2)
    xpath (0.1.4)
      nokogiri (~> 1.3)

PLATFORMS
  ruby

DEPENDENCIES
  acts-as-dag!
  barby (~> 0.5.0)
  capybara (~> 1.1)
  capybara-screenshot
  chunky_png (~> 1.2.5)
  coffee-filter (~> 0.1.1)
  coffee-rails (~> 3.2)
  coffee-script (~> 2.2)
  cucumber-rails (~> 1.2)
  database_cleaner (~> 0.7)
  factory_girl (~> 3.0)
  factory_girl_rails (~> 3.0)
  faker
  fastercsv (~> 1.5.4)
  geocoder (~> 1.1)
  gettext
  gettext_i18n_rails (~> 0.3)
  growl (~> 1.0.3)
  guard (~> 1.0.1)
  guard-cucumber (~> 0.8)
  guard-jasmine-headless-webkit (~> 0.3.2)
  guard-rspec (~> 0.7)
  guard-spork (~> 0.7)
  haml (~> 3.1)
  haml_assets
  jasmine-headless-webkit (~> 0.8.4)
  jasmine-rails (~> 0.0.2)
  jasminerice (~> 0.0.8)
  jquery-rails (~> 2.0)
  jquery-tmpl-rails (~> 1.1)
  json (~> 1.6)
  launchy (~> 2.1)
  mini_magick (~> 3.3)
  mysql2 (~> 0.3.11)
  nested_set (~> 1.7)
  newrelic_rpm (~> 3.3)
  nokogiri (~> 1.5.0)
  pdfkit (~> 0.5.2)
  pry (~> 0.9)
  pry-rails (~> 0.1)
  rails (= 3.2.3)
  rails_autolink (~> 1.0)
  rb-fsevent (~> 0.9)
  rgl (~> 0.4.0)
  rjson (~> 0.1.5)
  rspec (~> 2.7)
  rspec-rails (~> 2.7)
  ruby-net-ldap (~> 0.0.4)
  ruby_gntp (~> 0.3.4)
  ruby_parser (~> 2.3)
  sass (~> 3.1)
  sass-rails (~> 3.2)
  simplecov
  spork
  thin
  timecop (~> 0.3.5)
  uglifier (~> 1.2)
  underscore-rails (~> 1.3.1)
  uuidtools (~> 2.1.2)
  will_paginate!
