GIT
  remote: git://github.com/JackDanger/will_paginate.git
  revision: e97acba1b94f2a6d19d5a271ddfa5ebc80d3d822
  specs:
    will_paginate (2.3.15)

GIT
  remote: git://github.com/jmoses/attachment_fu.git
  revision: 0c57f9aeb6624aaf2b0e8d386cd71292a827c9e5
  branch: rails3
  specs:
    attachment_fu (0.0.4)

GIT
  remote: git://github.com/rubychan/prototype-rails.git
  revision: e7fa1feb1c533ab33cfe0ac193b703d79bf81616
  specs:
    prototype-rails (0.3.1)
      rails (~> 3.1.0.beta1)

GEM
  remote: http://rubygems.org/
  specs:
    Ascii85 (1.0.1)
    actionmailer (3.1.0.rc5)
      actionpack (= 3.1.0.rc5)
      mail (~> 2.3.0)
    actionpack (3.1.0.rc5)
      activemodel (= 3.1.0.rc5)
      activesupport (= 3.1.0.rc5)
      builder (~> 3.0.0)
      erubis (~> 2.7.0)
      i18n (~> 0.6)
      rack (~> 1.3.1)
      rack-cache (~> 1.0.2)
      rack-mount (~> 0.8.1)
      rack-test (~> 0.6.0)
      sprockets (~> 2.0.0.beta.12)
    activemodel (3.1.0.rc5)
      activesupport (= 3.1.0.rc5)
      bcrypt-ruby (~> 2.1.4)
      builder (~> 3.0.0)
      i18n (~> 0.6)
    activerecord (3.1.0.rc5)
      activemodel (= 3.1.0.rc5)
      activesupport (= 3.1.0.rc5)
      arel (~> 2.1.4)
      tzinfo (~> 0.3.29)
    activeresource (3.1.0.rc5)
      activemodel (= 3.1.0.rc5)
      activesupport (= 3.1.0.rc5)
    activesupport (3.1.0.rc5)
      multi_json (~> 1.0)
    acts-as-dag (2.5.5)
    addressable (2.2.6)
    archive-tar-minitar (0.5.2)
    arel (2.1.4)
    barby (0.4.3)
    bcrypt-ruby (2.1.4)
    builder (3.0.0)
    capybara (1.0.0)
      mime-types (>= 1.16)
      nokogiri (>= 1.3.3)
      rack (>= 1.0.0)
      rack-test (>= 0.5.4)
      selenium-webdriver (~> 0.2.0)
      xpath (~> 0.1.4)
    childprocess (0.2.1)
      ffi (~> 1.0.6)
    columnize (0.3.4)
    cucumber (1.0.2)
      builder (>= 2.1.2)
      diff-lcs (>= 1.1.2)
      gherkin (~> 2.4.5)
      json (>= 1.4.6)
      term-ansicolor (>= 1.0.5)
    cucumber-rails (1.0.2)
      capybara (>= 1.0.0)
      cucumber (~> 1.0.0)
      nokogiri (>= 1.4.6)
    database_cleaner (0.6.7)
    diff-lcs (1.1.2)
    erubis (2.7.0)
    fast_gettext (0.5.13)
    fastercsv (1.5.4)
    ffi (1.0.9)
    geocoder (1.0.2)
    gettext (2.1.0)
      locale (>= 2.0.5)
    gettext_i18n_rails (0.2.20)
      fast_gettext
    gherkin (2.4.6)
      json (>= 1.4.6)
    haml (3.1.2)
    hike (1.2.0)
    i18n (0.6.0)
    json (1.5.3)
    json_pure (1.5.3)
    launchy (2.0.5)
      addressable (~> 2.2.6)
    linecache19 (0.5.12)
      ruby_core_source (>= 0.1.4)
    locale (2.0.5)
    mail (2.3.0)
      i18n (>= 0.4.0)
      mime-types (~> 1.16)
      treetop (~> 1.4.8)
    mime-types (1.16)
    multi_json (1.0.3)
    mysql2 (0.3.6)
    nested_set (1.6.7)
      activerecord (>= 3.0.0)
      railties (>= 3.0.0)
    newrelic_rpm (3.1.1)
    nokogiri (1.5.0)
    pdf-reader (0.10.0)
      Ascii85 (~> 1.0.0)
    polyglot (0.3.2)
    prawn (0.11.1)
      pdf-reader (>= 0.9.0)
      ttfunk (~> 1.0.0)
    prawnto (0.0.4)
      prawn
      rails (>= 2.1)
    rack (1.3.2)
    rack-cache (1.0.2)
      rack (>= 0.4)
    rack-mount (0.8.2)
      rack (>= 1.0.0)
    rack-ssl (1.3.2)
      rack
    rack-test (0.6.1)
      rack (>= 1.0)
    rails (3.1.0.rc5)
      actionmailer (= 3.1.0.rc5)
      actionpack (= 3.1.0.rc5)
      activerecord (= 3.1.0.rc5)
      activeresource (= 3.1.0.rc5)
      activesupport (= 3.1.0.rc5)
      bundler (~> 1.0)
      railties (= 3.1.0.rc5)
    rails_autolink (1.0.2)
      rails (~> 3.1.0.a)
    railties (3.1.0.rc5)
      actionpack (= 3.1.0.rc5)
      activesupport (= 3.1.0.rc5)
      rack-ssl (~> 1.3.2)
      rake (>= 0.8.7)
      rdoc (~> 3.4)
      thor (~> 0.14.6)
    rake (0.9.2)
    rdoc (3.9.2)
    require_relative (1.0.2)
    rgl (0.4.0)
      rake
      stream (>= 0.5)
    riddle (1.4.0)
    rmagick (2.13.1)
    rspec (2.6.0)
      rspec-core (~> 2.6.0)
      rspec-expectations (~> 2.6.0)
      rspec-mocks (~> 2.6.0)
    rspec-core (2.6.4)
    rspec-expectations (2.6.0)
      diff-lcs (~> 1.1.2)
    rspec-mocks (2.6.0)
    rspec-rails (2.6.1)
      actionpack (~> 3.0)
      activesupport (~> 3.0)
      railties (~> 3.0)
      rspec (~> 2.6.0)
    ruby-debug-base19 (0.11.25)
      columnize (>= 0.3.1)
      linecache19 (>= 0.5.11)
      ruby_core_source (>= 0.1.4)
    ruby-debug19 (0.11.6)
      columnize (>= 0.3.1)
      linecache19 (>= 0.5.11)
      ruby-debug-base19 (>= 0.11.19)
    ruby-net-ldap (0.0.4)
    ruby_core_source (0.1.5)
      archive-tar-minitar (>= 0.5.2)
    ruby_parser (2.0.6)
      sexp_processor (~> 3.0)
    rubyzip (0.9.4)
    sass (3.1.7)
    selenium-webdriver (0.2.2)
      childprocess (>= 0.1.9)
      ffi (>= 1.0.7)
      json_pure
      rubyzip
    sexp_processor (3.0.5)
    sprockets (2.0.0.beta.13)
      hike (~> 1.2)
      rack (~> 1.0)
      tilt (!= 1.3.0, ~> 1.1)
    stream (0.5)
    term-ansicolor (1.0.6)
    thinking-sphinx (2.0.5)
      activerecord (>= 3.0.3)
      riddle (>= 1.3.3)
    thor (0.14.6)
    tilt (1.3.2)
    treetop (1.4.10)
      polyglot
      polyglot (>= 0.3.1)
    ttfunk (1.0.2)
    tzinfo (0.3.29)
    xpath (0.1.4)
      nokogiri (~> 1.3)

PLATFORMS
  ruby

DEPENDENCIES
  acts-as-dag (~> 2.5.5)
  attachment_fu!
  barby (~> 0.4.3)
  builder (~> 3.0)
  capybara (~> 1.0.0)
  cucumber-rails (~> 1.0.2)
  database_cleaner (~> 0.6.7)
  fastercsv (~> 1.5.4)
  geocoder (~> 1.0.2)
  gettext (~> 2.1.0)
  gettext_i18n_rails (~> 0.2.20)
  haml (~> 3.1.2)
  i18n (~> 0.6.0)
  json (~> 1.5.3)
  launchy (~> 2.0.4)
  mysql2 (~> 0.3.6)
  nested_set (~> 1.6.7)
  newrelic_rpm (~> 3.1)
  nokogiri (~> 1.5.0)
  prawn (~> 0.11.1)
  prawnto (~> 0.0.4)
  prototype-rails (~> 0.3.1)!
  rails (= 3.1.0.rc5)
  rails_autolink (~> 1.0.2)
  require_relative
  rgl (~> 0.4.0)
  rmagick (~> 2.13.1)
  rspec (~> 2.6.0)
  rspec-rails (~> 2.6.1)
  ruby-debug19
  ruby-net-ldap (~> 0.0.4)
  ruby_parser
  sass (~> 3.1.5)
  thinking-sphinx (~> 2.0.5)
  will_paginate!
