GEM
  remote: http://rubygems.org/
  specs:
    Ascii85 (1.0.1)
    abstract (1.0.0)
    actionmailer (3.0.7)
      actionpack (= 3.0.7)
      mail (~> 2.2.15)
    actionpack (3.0.7)
      activemodel (= 3.0.7)
      activesupport (= 3.0.7)
      builder (~> 2.1.2)
      erubis (~> 2.6.6)
      i18n (~> 0.5.0)
      rack (~> 1.2.1)
      rack-mount (~> 0.6.14)
      rack-test (~> 0.5.7)
      tzinfo (~> 0.3.23)
    activemodel (3.0.7)
      activesupport (= 3.0.7)
      builder (~> 2.1.2)
      i18n (~> 0.5.0)
    activerecord (3.0.7)
      activemodel (= 3.0.7)
      activesupport (= 3.0.7)
      arel (~> 2.0.2)
      tzinfo (~> 0.3.23)
    activeresource (3.0.7)
      activemodel (= 3.0.7)
      activesupport (= 3.0.7)
    activesupport (3.0.7)
    arel (2.0.10)
    barby (0.4.3)
    builder (2.1.2)
    capybara (1.0.0.beta1)
      mime-types (>= 1.16)
      nokogiri (>= 1.3.3)
      rack (>= 1.0.0)
      rack-test (>= 0.5.4)
      selenium-webdriver (>= 0.0.27)
      xpath (~> 0.1.4)
    childprocess (0.1.9)
      ffi (~> 1.0.6)
    columnize (0.3.2)
    configuration (1.2.0)
    cucumber (0.10.3)
      builder (>= 2.1.2)
      diff-lcs (>= 1.1.2)
      gherkin (>= 2.3.8)
      json (>= 1.4.6)
      term-ansicolor (>= 1.0.5)
    cucumber-rails (0.5.0)
      capybara (>= 1.0.0.beta1)
      cucumber (>= 0.10.2)
      nokogiri (>= 1.4.4)
      rack-test (>= 0.5.7)
    database_cleaner (0.6.7)
    diff-lcs (1.1.2)
    erubis (2.6.6)
      abstract (>= 1.0.0)
    fast_gettext (0.5.11)
    fastercsv (1.5.4)
    ffi (1.0.9)
    gettext (2.1.0)
      locale (>= 2.0.5)
    gettext_i18n_rails (0.2.19)
      fast_gettext
    gherkin (2.3.8)
      json (>= 1.4.6)
    haml (3.1.1)
    i18n (0.5.0)
    json (1.5.1)
    json_pure (1.5.1)
    launchy (0.4.0)
      configuration (>= 0.0.5)
      rake (>= 0.8.1)
    linecache (0.43)
    locale (2.0.5)
    mail (2.2.19)
      activesupport (>= 2.3.6)
      i18n (>= 0.4.0)
      mime-types (~> 1.16)
      treetop (~> 1.4.8)
    mime-types (1.16)
    mysql2 (0.2.7)
    nested_set (1.6.4)
      activerecord (>= 3.0.0)
      railties (>= 3.0.0)
    newrelic_rpm (3.0.1)
    nokogiri (1.4.4)
    pdf-reader (0.9.2)
      Ascii85 (>= 0.9)
    polyglot (0.3.1)
    prawn (0.11.1)
      pdf-reader (>= 0.9.0)
      ttfunk (~> 1.0.0)
    rack (1.2.3)
    rack-mount (0.6.14)
      rack (>= 1.0.0)
    rack-test (0.5.7)
      rack (>= 1.0)
    rails (3.0.7)
      actionmailer (= 3.0.7)
      actionpack (= 3.0.7)
      activerecord (= 3.0.7)
      activeresource (= 3.0.7)
      activesupport (= 3.0.7)
      bundler (~> 1.0)
      railties (= 3.0.7)
    railties (3.0.7)
      actionpack (= 3.0.7)
      activesupport (= 3.0.7)
      rake (>= 0.8.7)
      thor (~> 0.14.4)
    rake (0.8.7)
    rgl (0.4.0)
      rake
      stream (>= 0.5)
    riddle (1.3.2)
    rmagick (2.13.1)
    rspec (2.6.0)
      rspec-core (~> 2.6.0)
      rspec-expectations (~> 2.6.0)
      rspec-mocks (~> 2.6.0)
    rspec-core (2.6.2)
    rspec-expectations (2.6.0)
      diff-lcs (~> 1.1.2)
    rspec-mocks (2.6.0)
    rspec-rails (2.6.0)
      actionpack (~> 3.0)
      activesupport (~> 3.0)
      railties (~> 3.0)
      rspec (~> 2.6.0)
    ruby-debug (0.10.4)
      columnize (>= 0.1)
      ruby-debug-base (~> 0.10.4.0)
    ruby-debug-base (0.10.4)
      linecache (>= 0.3)
    ruby-net-ldap (0.0.4)
    rubyzip (0.9.4)
    sass (3.1.1)
    selenium-webdriver (0.2.0)
      childprocess (>= 0.1.7)
      ffi (>= 1.0.7)
      json_pure
      rubyzip
    stream (0.5)
    term-ansicolor (1.0.5)
    thinking-sphinx (2.0.4)
      activerecord (>= 3.0.3)
      riddle (>= 1.3.2)
    thor (0.14.6)
    treetop (1.4.9)
      polyglot (>= 0.3.1)
    ttfunk (1.0.1)
    tzinfo (0.3.27)
    will_paginate (3.0.pre2)
    xpath (0.1.4)
      nokogiri (~> 1.3)

PLATFORMS
  ruby

DEPENDENCIES
  barby (~> 0.4.3)
  builder (~> 2.1.2)
  capybara (= 1.0.0.beta1)
  cucumber-rails (~> 0.5.0)
  database_cleaner (~> 0.6.7)
  fastercsv (~> 1.5.4)
  gettext (~> 2.1.0)
  gettext_i18n_rails (~> 0.2.19)
  haml (~> 3.1.1)
  launchy (~> 0.4.0)
  mysql2 (~> 0.2.7)
  nested_set (~> 1.6.4)
  newrelic_rpm (~> 3.0.0)
  nokogiri (~> 1.4.4)
  prawn (~> 0.11.1)
  rails (= 3.0.7)
  rake (~> 0.8.7)
  rgl (~> 0.4.0)
  rmagick (~> 2.13.1)
  rspec (~> 2.6.0)
  rspec-rails (~> 2.6.0)
  ruby-debug (~> 0.10.4)
  ruby-net-ldap (~> 0.0.4)
  sass (~> 3.1.1)
  thinking-sphinx (~> 2.0.4)
  will_paginate (~> 3.0.pre2)
